PATH
  remote: ..
  specs:
    rakedotnet (1.0.175)
      windows-pr

GEM
  remote: https://rubygems.org/
  specs:
    rake (10.0.4)
    win32-api (1.4.8-x86-mingw32)
    windows-api (0.4.2)
      win32-api (>= 1.4.5)
    windows-pr (1.2.2)
      win32-api (>= 1.4.5)
      windows-api (>= 0.3.0)

PLATFORMS
  x86-mingw32

DEPENDENCIES
  rake
  rakedotnet!
