GIT
  remote: git://github.com/wied03/Win32TestStub.git
  revision: 9aa7f0c5e6d36ef376b082df7dd0028d02523826
  specs:
    win32stub (1.0.1)

GEM
  remote: https://rubygems.org/
  specs:
    builder (3.2.0)
    ci_reporter (1.8.4)
      builder (>= 2.1.2)
    diff-lcs (1.2.4)
    geminabox (0.10.1)
      builder
      httpclient (>= 2.2.7)
      sinatra
    httpclient (2.3.3)
    rack (1.5.2)
    rack-protection (1.5.0)
      rack
    rake (10.0.4)
    rspec (2.13.0)
      rspec-core (~> 2.13.0)
      rspec-expectations (~> 2.13.0)
      rspec-mocks (~> 2.13.0)
    rspec-core (2.13.1)
    rspec-expectations (2.13.0)
      diff-lcs (>= 1.1.3, < 2.0)
    rspec-mocks (2.13.1)
    sinatra (1.4.2)
      rack (~> 1.5, >= 1.5.2)
      rack-protection (~> 1.4)
      tilt (~> 1.3, >= 1.3.4)
    tilt (1.4.1)

PLATFORMS
  ruby
  x86-mingw32

DEPENDENCIES
  ci_reporter
  geminabox
  rake
  rspec
  win32stub (= 1.0.1)!
