PATH
  remote: .
  specs:
    rakedotnet (1.0.0)
      bsw_dnet_install_util (= 1.1.5)
      windows-pr

GIT
  remote: git://github.com/wied03/Win32TestStub.git
  revision: 0ccfb49b56dcb6f444b3c64b1368d7a531ff7c94
  specs:
    windows-pr (1.0.2)

GEM
  remote: https://rubygems.org/
  remote: http://weez.weez.wied.us:9292/
  specs:
    bsw_dnet_install_util (1.1.5)
      rubyzip (= 0.9.9)
    builder (3.2.2)
    ci_reporter (1.9.0)
      builder (>= 2.1.2)
    diff-lcs (1.2.5)
    geminabox (0.12.0)
      builder
      httpclient (>= 2.2.7)
      nesty
      sinatra (>= 1.2.7)
    httpclient (2.3.4.1)
    nesty (1.0.2)
    rack (1.5.2)
    rack-protection (1.5.1)
      rack
    rake (10.1.0)
    rspec (2.14.1)
      rspec-core (~> 2.14.0)
      rspec-expectations (~> 2.14.0)
      rspec-mocks (~> 2.14.0)
    rspec-core (2.14.7)
    rspec-expectations (2.14.4)
      diff-lcs (>= 1.1.3, < 2.0)
    rspec-mocks (2.14.4)
    rubyzip (0.9.9)
    sinatra (1.4.4)
      rack (~> 1.4)
      rack-protection (~> 1.4)
      tilt (~> 1.3, >= 1.3.4)
    tilt (1.4.1)

PLATFORMS
  ruby
  x86-mingw32

DEPENDENCIES
  ci_reporter
  geminabox
  rake
  rakedotnet!
  rspec
  windows-pr (= 1.0.2)!
