GIT
  remote: git://github.com/wied03/Win32TestStub.git
  revision: 9aa7f0c5e6d36ef376b082df7dd0028d02523826
  specs:
    win32stub (1.0.1)

GIT
  remote: git://github.com/wied03/YAMLConfig.git
  revision: dc7c57abb2312f337cd9b57107fd7d6e987cb7f9
  specs:
    bwyamlconfig (1.0.1)

GEM
  remote: https://rubygems.org/
  specs:
    builder (3.2.0)
    ci_reporter (1.8.4)
      builder (>= 2.1.2)
    diff-lcs (1.2.4)
    rake (10.0.4)
    rspec (2.13.0)
      rspec-core (~> 2.13.0)
      rspec-expectations (~> 2.13.0)
      rspec-mocks (~> 2.13.0)
    rspec-core (2.13.1)
    rspec-expectations (2.13.0)
      diff-lcs (>= 1.1.3, < 2.0)
    rspec-mocks (2.13.1)

PLATFORMS
  ruby
  x86-mingw32

DEPENDENCIES
  bwyamlconfig (= 1.0.1)!
  ci_reporter
  rake
  rspec
  win32stub (= 1.0.1)!
