GIT
  remote: git://github.com/wied03/Win32TestStub.git
  revision: 9aa7f0c5e6d36ef376b082df7dd0028d02523826
  specs:
    win32stub (1.0.1)

PATH
  remote: .
  specs:
    rakedotnet (1.0.0)
      bsw_dnet_install_util (= 1.1.3)
      windows-pr

GEM
  remote: https://rubygems.org/
  remote: http://weez.weez.wied.us:9292/
  specs:
    bsw_dnet_install_util (1.1.3)
      rubyzip (= 0.9.9)
      windows-pr
    builder (3.2.2)
    ci_reporter (1.9.0)
      builder (>= 2.1.2)
    diff-lcs (1.2.5)
    geminabox (0.12.0)
      builder
      httpclient (>= 2.2.7)
      nesty
      sinatra (>= 1.2.7)
    httpclient (2.3.4.1)
    nesty (1.0.2)
    rack (1.5.2)
    rack-protection (1.5.1)
      rack
    rake (10.1.0)
    rspec (2.14.1)
      rspec-core (~> 2.14.0)
      rspec-expectations (~> 2.14.0)
      rspec-mocks (~> 2.14.0)
    rspec-core (2.14.7)
    rspec-expectations (2.14.4)
      diff-lcs (>= 1.1.3, < 2.0)
    rspec-mocks (2.14.4)
    rubyzip (0.9.9)
    sinatra (1.4.4)
      rack (~> 1.4)
      rack-protection (~> 1.4)
      tilt (~> 1.3, >= 1.3.4)
    tilt (1.4.1)
    win32-api (1.5.0-x86-mingw32)
    windows-api (0.4.2)
      win32-api (>= 1.4.5)
    windows-pr (1.2.2)
      win32-api (>= 1.4.5)
      windows-api (>= 0.3.0)

PLATFORMS
  ruby
  x86-mingw32

DEPENDENCIES
  ci_reporter
  geminabox
  rake
  rakedotnet!
  rspec
  win32stub (= 1.0.1)!
